PATH
  remote: .
  specs:
    Spreadsheet-HTML (0.0.1)

GEM
  remote: https://rubygems.org/
  specs:
    rake (10.0.4)

PLATFORMS
  ruby

DEPENDENCIES
  Spreadsheet-HTML!
  bundler (~> 1.3)
  rake
